PATH
  remote: .
  specs:
    collins_state (0.2.13)
      collins_client (~> 0.2.7)
      escape (~> 0.0.4)

GEM
  remote: https://rubygems.org/
  specs:
    addressable (2.5.0)
      public_suffix (~> 2.0, >= 2.0.2)
    collins_client (0.2.19)
      httparty (~> 0.11.0)
    crack (0.4.3)
      safe_yaml (~> 1.0.0)
    diff-lcs (1.3)
    docile (1.1.5)
    escape (0.0.4)
    hashdiff (0.3.2)
    httparty (0.11.0)
      multi_json (~> 1.0)
      multi_xml (>= 0.5.2)
    json (2.0.3)
    multi_json (1.12.1)
    multi_xml (0.6.0)
    public_suffix (2.0.5)
    rake (10.5.0)
    redcarpet (3.4.0)
    rspec (2.99.0)
      rspec-core (~> 2.99.0)
      rspec-expectations (~> 2.99.0)
      rspec-mocks (~> 2.99.0)
    rspec-core (2.99.2)
    rspec-expectations (2.99.2)
      diff-lcs (>= 1.1.3, < 2.0)
    rspec-mocks (2.99.4)
    safe_yaml (1.0.4)
    simplecov (0.13.0)
      docile (~> 1.1.0)
      json (>= 1.8, < 3)
      simplecov-html (~> 0.10.0)
    simplecov-html (0.10.0)
    webmock (1.24.6)
      addressable (>= 2.3.6)
      crack (>= 0.3.2)
      hashdiff
    yard (0.9.12)

PLATFORMS
  ruby

DEPENDENCIES
  bundler
  collins_state!
  rake (~> 10.5)
  redcarpet (~> 3.2)
  rspec (~> 2.99)
  simplecov
  webmock (~> 1.21)
  yard (~> 0.9)

BUNDLED WITH
   1.15.4
